GEM
  remote: http://rubygems.org/
  specs:
    diff-lcs (1.5.0)
    rack (2.2.7)
    rack-test (0.6.2)
      rack (>= 1.0)
    rake (13.0.6)
    rspec (3.12.0)
      rspec-core (~> 3.12.0)
      rspec-expectations (~> 3.12.0)
      rspec-mocks (~> 3.12.0)
    rspec-core (3.12.2)
      rspec-support (~> 3.12.0)
    rspec-expectations (3.12.3)
      diff-lcs (>= 1.2.0, < 2.0)
      rspec-support (~> 3.12.0)
    rspec-mocks (3.12.5)
      diff-lcs (>= 1.2.0, < 2.0)
      rspec-support (~> 3.12.0)
    rspec-support (3.12.0)

PLATFORMS
  ruby

DEPENDENCIES
  rack (~> 2)
  rack-test (~> 0.6)
  rake (~> 13)
  rspec (~> 3)

BUNDLED WITH
   2.4.6
